GEM
  remote: http://rubygems.org/
  specs:
    RedCloth (4.2.9)
    erubis (2.7.0)
    itextomml (1.4.9)
    json (1.6.5)
    mysql (2.8.1)
    nokogiri (1.5.0)
    rack (1.4.1)
    rake (0.9.2.2)
    rdoc (3.12)
      json (~> 1.4)
    rubyzip (0.9.5)

PLATFORMS
  ruby

DEPENDENCIES
  RedCloth (>= 4.0.0)
  erubis
  itextomml (>= 1.4.7)
  json
  mysql
  nokogiri
  rack (>= 1.1.0)
  rake
  rdoc
  rubyzip
